PATH
  remote: .
  specs:
    transitions (0.0.10)

GEM
  remote: http://rubygems.org/
  specs:
    activemodel (3.0.0)
      activesupport (= 3.0.0)
      builder (~> 2.1.2)
      i18n (~> 0.4.1)
    activerecord (3.0.0)
      activemodel (= 3.0.0)
      activesupport (= 3.0.0)
      arel (~> 1.0.0)
      tzinfo (~> 0.3.23)
    activesupport (3.0.0)
    arel (1.0.1)
      activesupport (~> 3.0.0)
    builder (2.1.2)
    coderay (0.9.8)
    i18n (0.4.1)
    method_source (0.6.6)
      ruby_parser (~> 2.0.5)
    mocha (0.9.8)
      rake
    pry (0.9.6.2)
      coderay (~> 0.9.8)
      method_source (~> 0.6.5)
      ruby_parser (~> 2.0.5)
      slop (~> 2.1.0)
    rake (0.8.7)
    ruby_parser (2.0.6)
      sexp_processor (~> 3.0)
    sexp_processor (3.0.7)
    slop (2.1.0)
    sqlite3-ruby (1.3.1)
    test-unit (2.1.1)
    tzinfo (0.3.23)

PLATFORMS
  ruby

DEPENDENCIES
  activerecord (~> 3)
  bundler (~> 1)
  mocha
  pry
  sqlite3-ruby
  test-unit (~> 2)
  transitions!
